GEM
  remote: https://rubygems.org/
  specs:
    daemon_controller (1.2.0)
    passenger (4.0.53)
      daemon_controller (>= 1.2.0)
      rack
      rake (>= 0.8.1)
    rack (1.4.1)
    rake (10.3.2)

PLATFORMS
  ruby

DEPENDENCIES
  bundler
  passenger
  rack
