GEM
  remote: https://rubygems.org/
  specs:
    open4 (1.3.0)
    rack (1.4.1)
    rake (0.9.2.2)
    rake-remote_task (2.0.6)
      open4 (~> 1.0)
      rake (~> 0.8)
    vlad (2.2.5)
      rake (~> 0.8)
      rake-remote_task (~> 2.0)
    vlad-git (2.2.0)
      vlad (>= 2.1.0)

PLATFORMS
  ruby

DEPENDENCIES
  bundler
  rack
  vlad
  vlad-git
